GEM
  remote: https://rubygems.org/
  specs:
    bcrypt (3.1.16)
    power_assert (2.0.0)
    rake (13.0.3)
    spy (1.0.1)
    test-unit (3.4.0)
      power_assert

PLATFORMS
  ruby

DEPENDENCIES
  bcrypt
  rake
  spy
  test-unit

BUNDLED WITH
   2.1.4
